GEM
  remote: http://rubygems.org/
  specs:
    actionmailer (2.3.14)
      actionpack (= 2.3.14)
    actionpack (2.3.14)
      activesupport (= 2.3.14)
      rack (~> 1.1.0)
    activerecord (2.3.14)
      activesupport (= 2.3.14)
    activeresource (2.3.14)
      activesupport (= 2.3.14)
    activesupport (2.3.14)
    columnize (0.3.6)
    gemcutter (0.7.1)
    git (1.2.5)
    jeweler (1.4.0)
      gemcutter (>= 0.1.0)
      git (>= 1.2.5)
      rubyforge (>= 2.0.0)
    json_pure (1.4.6)
    linecache (0.46)
      rbx-require-relative (> 0.0.4)
    rack (1.1.0)
    rack-test (0.6.2)
      rack (>= 1.0)
    rails (2.3.14)
      actionmailer (= 2.3.14)
      actionpack (= 2.3.14)
      activerecord (= 2.3.14)
      activeresource (= 2.3.14)
      activesupport (= 2.3.14)
      rake (>= 0.8.3)
    rake (0.8.7)
    rbx-require-relative (0.0.9)
    rspec (1.3.0)
    ruby-debug (0.10.3)
      columnize (>= 0.1)
      ruby-debug-base (~> 0.10.3.0)
    ruby-debug-base (0.10.3)
      linecache (>= 0.3)
    rubyforge (2.0.4)
      json_pure (>= 1.1.7)
    selenium-client (1.2.18)
    selenium-rc (2.2.4)
      selenium-client (>= 1.2.18)

PLATFORMS
  ruby

DEPENDENCIES
  gemcutter (~> 0.6)
  jeweler (= 1.4.0)
  json_pure (~> 1.4.3)
  rack (= 1.1.0)
  rack-test
  rails (~> 2.3.5)
  rake (= 0.8.7)
  rspec (= 1.3.0)
  ruby-debug (= 0.10.3)
  selenium-client (= 1.2.18)
  selenium-rc (= 2.2.4)
